GEM
  remote: https://rubygems.org/
  specs:
    ansi (1.5.0)
    builder (3.2.3)
    minitest (5.10.1)
    minitest-matchers (1.4.1)
      minitest (~> 5.0)
    minitest-reporters (1.1.14)
      ansi
      builder
      minitest (>= 5.0)
      ruby-progressbar
    rake (12.0.0)
    ruby-progressbar (1.8.1)

PLATFORMS
  ruby

DEPENDENCIES
  minitest-matchers (= 1.4.1)
  minitest-reporters (= 1.1.14)
  rake (= 12.0.0)

BUNDLED WITH
   1.12.5
